GIT
  remote: git://github.com/decklin/sensu-plugin.git
  revision: bb63266a3f46c5e3207e79559afdbd265b206b67
  specs:
    sensu-plugin (0.1.3)
      json
      mixlib-cli (>= 1.1.0)

GEM
  remote: http://rubygems.org/
  specs:
    amqp (0.7.4)
      eventmachine
    async_sinatra (1.0.0)
      rack (>= 1.4.1)
      sinatra (>= 1.3.2)
    cabin (0.4.4)
      json
    daemons (1.1.8)
    eventmachine (1.0.0.beta.4)
    json (1.7.0)
    mixlib-cli (1.2.2)
    rack (1.4.1)
    rack-protection (1.2.0)
      rack
    ruby-redis (0.0.2)
      eventmachine
    sensu (0.9.6.beta.4)
      amqp (= 0.7.4)
      async_sinatra (= 1.0.0)
      cabin (= 0.4.4)
      eventmachine (~> 1.0.0.beta.4)
      json
      ruby-redis
      thin
    sinatra (1.3.2)
      rack (~> 1.3, >= 1.3.6)
      rack-protection (~> 1.2)
      tilt (~> 1.3, >= 1.3.3)
    thin (1.3.1)
      daemons (>= 1.0.9)
      eventmachine (>= 0.12.6)
      rack (>= 1.0.0)
    tilt (1.3.3)

PLATFORMS
  ruby

DEPENDENCIES
  sensu (>= 0.9.6.beta.4)
  sensu-plugin!
